PATH
  remote: .
  specs:
    abn_search (0.0.2)
      nokogiri

GEM
  remote: http://rubygems.org/
  specs:
    nokogiri (1.5.0)

PLATFORMS
  ruby

DEPENDENCIES
  abn_search!
