PATH
  remote: .
  specs:
    abn_search (0.0.9)
      nokogiri (~> 1.6)
      savon (~> 2.6)

GEM
  remote: http://rubygems.org/
  specs:
    akami (1.3.1)
      gyoku (>= 0.4.0)
      nokogiri
    builder (3.2.3)
    diff-lcs (1.3)
    docile (1.1.5)
    gyoku (1.3.1)
      builder (>= 2.1.2)
    httpi (2.4.2)
      rack
      socksify
    json (1.8.6)
    mini_portile2 (2.1.0)
    nokogiri (1.7.1)
      mini_portile2 (~> 2.1.0)
    nori (2.6.0)
    rack (2.0.1)
    rake (12.0.0)
    rspec (3.5.0)
      rspec-core (~> 3.5.0)
      rspec-expectations (~> 3.5.0)
      rspec-mocks (~> 3.5.0)
    rspec-core (3.5.4)
      rspec-support (~> 3.5.0)
    rspec-expectations (3.5.0)
      diff-lcs (>= 1.2.0, < 2.0)
      rspec-support (~> 3.5.0)
    rspec-mocks (3.5.0)
      diff-lcs (>= 1.2.0, < 2.0)
      rspec-support (~> 3.5.0)
    rspec-support (3.5.0)
    rspec_junit_formatter (0.2.3)
      builder (< 4)
      rspec-core (>= 2, < 4, != 2.12.0)
    savon (2.11.1)
      akami (~> 1.2)
      builder (>= 2.1.2)
      gyoku (~> 1.2)
      httpi (~> 2.3)
      nokogiri (>= 1.4.0)
      nori (~> 2.4)
      wasabi (~> 3.4)
    simplecov (0.10.0)
      docile (~> 1.1.0)
      json (~> 1.8)
      simplecov-html (~> 0.10.0)
    simplecov-html (0.10.0)
    socksify (1.7.1)
    wasabi (3.5.0)
      httpi (~> 2.0)
      nokogiri (>= 1.4.2)
    yard (0.8.7.4)

PLATFORMS
  ruby

DEPENDENCIES
  abn_search!
  rake (~> 12.0)
  rspec (~> 3.5, >= 3.0)
  rspec_junit_formatter (~> 0.2)
  simplecov (~> 0.10.0)
  yard (~> 0.8)

BUNDLED WITH
   1.14.6
