PATH
  remote: .
  specs:
    abnsearch (0.0.1)
      nokogiri

GEM
  remote: http://rubygems.org/
  specs:
    nokogiri (1.5.0)

PLATFORMS
  ruby

DEPENDENCIES
  abnsearch!
